GIT
  remote: git://github.com/innoq/iqvoc.git
  revision: c6ba250f2c0e4c8421b096b071c70d72fa2d2c15
  specs:
    iqvoc (4.1.3)
      authlogic
      bootstrap-sass (~> 2.3.1.3)
      bundler
      cancan
      iq_rdf (~> 0.1.2)
      iq_triplestorage
      json
      kaminari (= 0.13.0)
      protected_attributes (>= 1.0.5)
      rails (~> 4.0.0)
      rails_autolink
      sass-rails (~> 4.0.0)
      simple_form

GEM
  remote: https://rubygems.org/
  specs:
    actionmailer (4.0.1)
      actionpack (= 4.0.1)
      mail (~> 2.5.4)
    actionpack (4.0.1)
      activesupport (= 4.0.1)
      builder (~> 3.1.0)
      erubis (~> 2.7.0)
      rack (~> 1.5.2)
      rack-test (~> 0.6.2)
    activemodel (4.0.1)
      activesupport (= 4.0.1)
      builder (~> 3.1.0)
    activerecord (4.0.1)
      activemodel (= 4.0.1)
      activerecord-deprecated_finders (~> 1.0.2)
      activesupport (= 4.0.1)
      arel (~> 4.0.0)
    activerecord-deprecated_finders (1.0.3)
    activesupport (4.0.1)
      i18n (~> 0.6, >= 0.6.4)
      minitest (~> 4.2)
      multi_json (~> 1.3)
      thread_safe (~> 0.1)
      tzinfo (~> 0.3.37)
    ansi (1.4.3)
    arel (4.0.1)
    atomic (1.1.14)
    authlogic (3.3.0)
      activerecord (>= 3.2)
      activesupport (>= 3.2)
    bootstrap-sass (2.3.1.3)
      sass (~> 3.2)
    builder (3.1.4)
    cancan (1.6.10)
    cane (2.6.1)
      parallel
    coderay (1.1.0)
    erubis (2.7.0)
    hike (1.2.3)
    hirb (0.7.1)
    hirb-unicode (0.0.5)
      hirb (~> 0.5)
      unicode-display_width (~> 0.1.1)
    i18n (0.6.5)
    iq_rdf (0.1.10)
      activesupport
      builder
      bundler
    iq_triplestorage (0.2.2)
    json (1.8.1)
    kaminari (0.13.0)
      actionpack (>= 3.0.0)
      activesupport (>= 3.0.0)
      railties (>= 3.0.0)
    mail (2.5.4)
      mime-types (~> 1.16)
      treetop (~> 1.4.8)
    method_source (0.8.2)
    mime-types (1.25.1)
    minitest (4.7.5)
    multi_json (1.8.2)
    mysql2 (0.3.14)
    parallel (0.9.0)
    polyglot (0.3.3)
    protected_attributes (1.0.5)
      activemodel (>= 4.0.1, < 5.0)
    pry (0.9.12.4)
      coderay (~> 1.0)
      method_source (~> 0.8)
      slop (~> 3.4)
    pry-rails (0.3.2)
      pry (>= 0.9.10)
    rack (1.5.2)
    rack-test (0.6.2)
      rack (>= 1.0)
    rails (4.0.1)
      actionmailer (= 4.0.1)
      actionpack (= 4.0.1)
      activerecord (= 4.0.1)
      activesupport (= 4.0.1)
      bundler (>= 1.3.0, < 2.0)
      railties (= 4.0.1)
      sprockets-rails (~> 2.0.0)
    rails_autolink (1.1.5)
      rails (> 3.1)
    railties (4.0.1)
      actionpack (= 4.0.1)
      activesupport (= 4.0.1)
      rake (>= 0.8.7)
      thor (>= 0.18.1, < 2.0)
    rake (10.1.0)
    sass (3.2.12)
    sass-rails (4.0.1)
      railties (>= 4.0.0, < 5.0)
      sass (>= 3.1.10)
      sprockets-rails (~> 2.0.0)
    simple_form (3.0.0)
      actionpack (>= 4.0.0, < 4.1)
      activemodel (>= 4.0.0, < 4.1)
    slop (3.4.7)
    sprockets (2.10.1)
      hike (~> 1.2)
      multi_json (~> 1.0)
      rack (~> 1.0)
      tilt (~> 1.1, != 1.3.0)
    sprockets-rails (2.0.1)
      actionpack (>= 3.0)
      activesupport (>= 3.0)
      sprockets (~> 2.8)
    sqlite3 (1.3.8)
    thor (0.18.1)
    thread_safe (0.1.3)
      atomic
    tilt (1.4.1)
    treetop (1.4.15)
      polyglot
      polyglot (>= 0.3.1)
    turn (0.9.6)
      ansi
    tzinfo (0.3.38)
    unicode-display_width (0.1.1)

PLATFORMS
  ruby

DEPENDENCIES
  cane
  hirb-unicode
  iqvoc (~> 4.1.3)!
  mysql2
  pry
  pry-rails
  sqlite3
  turn
